GEM
  remote: https://rubygems.org/
  specs:
    connection_pool (2.4.0)
    json (2.5.1)
    redis (5.0.6)
      redis-client (>= 0.9.0)
    redis-client (0.14.1)
      connection_pool

PLATFORMS
  ruby

DEPENDENCIES
  json
  redis

RUBY VERSION
   ruby 2.2.2p95

BUNDLED WITH
   1.17.1
