GEM
  remote: https://rubygems.org/
  specs:
    json (2.6.1)
    redis (4.1.4)

PLATFORMS
  ruby

DEPENDENCIES
  json
  redis

RUBY VERSION
   ruby 2.2.2p95

BUNDLED WITH
   1.17.1
